GEM
  remote: https://rubygems.org/
  specs:
    adsf (1.1.1)
      rack (>= 1.0.0)
    chunky_png (1.2.8)
    colored (1.2)
    compass (0.12.2)
      chunky_png (~> 1.2)
      fssm (>= 0.2.7)
      sass (~> 3.1)
    cri (2.3.0)
      colored (>= 1.2)
    fssm (0.2.10)
    mime-types (1.23)
    nanoc (3.6.3)
      cri (~> 2.3)
    rack (1.5.2)
    sass (3.2.9)

PLATFORMS
  ruby

DEPENDENCIES
  adsf
  compass
  fssm
  mime-types
  nanoc
